GEM
  remote: https://rubygems.org/
  specs:
    addressable (2.3.6)
    backburner (0.4.6)
      beaneater (~> 0.3.1)
      dante (~> 0.1.5)
    beaneater (0.3.3)
    beanstalk-client (1.1.1)
    browsermob-proxy (0.2.0)
      childprocess (~> 0.5)
      har
      multi_json (~> 1.0)
      rest-client
    childprocess (0.5.3)
      ffi (~> 1.0, >= 1.0.11)
    dante (0.1.5)
    ffi (1.9.3)
    har (0.1.0)
      jschematic (>= 0.1.0)
      json
      launchy (>= 0.3.7)
    httparty (0.13.1)
      json (~> 1.8)
      multi_xml (>= 0.5.2)
    jschematic (0.1.0)
      addressable
    json (1.8.1)
    json_pure (1.8.2)
    launchy (2.4.3)
      addressable (~> 2.3)
    mime-types (1.25.1)
    minitest (5.3.3)
    multi_json (1.10.0)
    multi_xml (0.5.5)
    netrc (0.10.2)
    rack (1.6.0)
    rack-protection (1.5.3)
      rack
    rest-client (1.7.2)
      mime-types (>= 1.16, < 3.0)
      netrc (~> 0.7)
    rubyzip (1.1.3)
    selenium-webdriver (2.44.0)
      childprocess (>= 0.5.0)
      multi_json (~> 1.0)
      rubyzip (~> 1.0)
      websocket (~> 1.0.4)
    shoulda-context (1.2.1)
    sinatra (1.4.5)
      rack (~> 1.4)
      rack-protection (~> 1.4)
      tilt (~> 1.3, >= 1.3.4)
    stalker (0.9.0)
      beanstalk-client
      json_pure
    tilt (1.4.1)
    websocket (1.0.7)

PLATFORMS
  ruby

DEPENDENCIES
  backburner
  beanstalk-client
  browsermob-proxy
  httparty
  minitest
  selenium-webdriver (= 2.44.0)
  shoulda-context
  sinatra
  stalker
