GEM
  remote: https://rubygems.org/
  specs:
    addressable (2.3.6)
    browsermob-proxy (0.2.0)
      childprocess (~> 0.5)
      har
      multi_json (~> 1.0)
      rest-client
    childprocess (0.5.3)
      ffi (~> 1.0, >= 1.0.11)
    ffi (1.9.3)
    har (0.1.0)
      jschematic (>= 0.1.0)
      json
      launchy (>= 0.3.7)
    httparty (0.13.1)
      json (~> 1.8)
      multi_xml (>= 0.5.2)
    jschematic (0.1.0)
      addressable
    json (1.8.1)
    launchy (2.4.3)
      addressable (~> 2.3)
    mime-types (1.25.1)
    minitest (5.3.3)
    multi_json (1.10.0)
    multi_xml (0.5.5)
    netrc (0.10.2)
    rest-client (1.7.2)
      mime-types (>= 1.16, < 3.0)
      netrc (~> 0.7)
    rubyzip (1.1.3)
    selenium-webdriver (2.44.0)
      childprocess (>= 0.5.0)
      multi_json (~> 1.0)
      rubyzip (~> 1.0)
      websocket (~> 1.0.4)
    shoulda-context (1.2.1)
    websocket (1.0.7)

PLATFORMS
  ruby

DEPENDENCIES
  browsermob-proxy
  httparty
  minitest
  selenium-webdriver (= 2.44.0)
  shoulda-context
